GEM
  remote: https://rubygems.org/
  specs:
    byebug (11.1.3)
    csv (3.2.6)
    date (3.3.3)
    json (2.6.3)
    nokogiri (1.14.0-x64-mingw-ucrt)
      racc (~> 1.4)
    open-uri (0.3.0)
      stringio
      time
      uri
    racc (1.6.2)
    stringio (3.0.4)
    time (0.2.1)
      date
    uri (0.12.0)

PLATFORMS
  x64-mingw-ucrt

DEPENDENCIES
  byebug
  csv
  json
  nokogiri
  open-uri

RUBY VERSION
   ruby 3.1.3p185

BUNDLED WITH
   2.3.26
